GEM
  remote: https://rubygems.org/
  specs:
    activesupport (4.1.6)
      i18n (~> 0.6, >= 0.6.9)
      json (~> 1.7, >= 1.7.7)
      minitest (~> 5.1)
      thread_safe (~> 0.1)
      tzinfo (~> 1.1)
    builder (3.2.2)
    capybara (2.4.3)
      mime-types (>= 1.16)
      nokogiri (>= 1.3.3)
      rack (>= 1.0.0)
      rack-test (>= 0.5.4)
      xpath (~> 2.0)
    capybara-firebug (2.1.0)
      capybara (>= 1.0, < 3.0)
      selenium-webdriver
    capybara-webkit (1.3.0)
      capybara (>= 2.0.2, < 2.5.0)
      json
    childprocess (0.5.5)
      ffi (~> 1.0, >= 1.0.11)
    chunky_png (1.3.1)
    cliver (0.3.2)
    cucumber (1.3.17)
      builder (>= 2.1.2)
      diff-lcs (>= 1.1.3)
      gherkin (~> 2.12)
      multi_json (>= 1.7.5, < 2.0)
      multi_test (>= 0.1.1)
    diff-lcs (1.2.5)
    ffi (1.9.6)
    file_utils (1.0.7)
    gemcutter (0.7.1)
    gemspec_deps_gen (1.1.2)
      bundler
      file_utils
    gherkin (2.12.2)
      multi_json (~> 1.3)
    gnawrnip (0.3.1)
      capybara (~> 2.2)
      oily_png
      turnip_formatter (~> 0.3.2)
    i18n (0.6.11)
    json (1.8.1)
    metaclass (0.0.4)
    mime-types (2.4.1)
    mini_portile (0.6.0)
    minitest (5.4.2)
    mocha (1.1.0)
      metaclass (~> 0.0.1)
    multi_json (1.10.1)
    multi_test (0.1.1)
    nokogiri (1.6.3.1)
      mini_portile (= 0.6.0)
    oily_png (1.1.2)
      chunky_png (~> 1.3.1)
    poltergeist (1.5.1)
      capybara (~> 2.1)
      cliver (~> 0.3.1)
      multi_json (~> 1.0)
      websocket-driver (>= 0.2.0)
    rack (1.5.2)
    rack-test (0.6.2)
      rack (>= 1.0)
    rspec (3.1.0)
      rspec-core (~> 3.1.0)
      rspec-expectations (~> 3.1.0)
      rspec-mocks (~> 3.1.0)
    rspec-core (3.1.6)
      rspec-support (~> 3.1.0)
    rspec-example_steps (3.0.2)
      rspec-core (>= 3.0.0)
    rspec-expectations (3.1.2)
      diff-lcs (>= 1.2.0, < 2.0)
      rspec-support (~> 3.1.0)
    rspec-mocks (3.1.3)
      rspec-support (~> 3.1.0)
    rspec-support (3.1.2)
    rubyzip (1.1.6)
    selenium-webdriver (2.43.0)
      childprocess (~> 0.5)
      multi_json (~> 1.0)
      rubyzip (~> 1.0)
      websocket (~> 1.0)
    slim (2.0.3)
      temple (~> 0.6.6)
      tilt (>= 1.3.3, < 2.1)
    temple (0.6.8)
    thread_safe (0.3.4)
    tilt (2.0.1)
    turnip (1.2.4)
      gherkin (>= 2.5)
      rspec (>= 2.14.0, < 4.0)
    turnip_formatter (0.3.2)
      rspec (>= 2.14.0, < 4.0)
      slim
      turnip (~> 1.2.4)
    tzinfo (1.2.2)
      thread_safe (~> 0.1)
    websocket (1.2.1)
    websocket-driver (0.3.5)
    xpath (2.0.0)
      nokogiri (~> 1.3)

PLATFORMS
  ruby

DEPENDENCIES
  activesupport (~> 4.1.6)
  capybara (~> 2.4.3)
  capybara-firebug (~> 2.1.0)
  capybara-webkit (~> 1.3.0)
  cucumber (~> 1.3.17)
  gemcutter
  gemspec_deps_gen
  gnawrnip
  mocha
  poltergeist (~> 1.5.1)
  rspec
  rspec-example_steps (~> 3.0.2)
  selenium-webdriver (~> 2.43.0)
  turnip (~> 1.2.4)
  turnip_formatter
